GEM
  remote: https://rubygems.org/
  specs:
    ruby_motion_query (0.7.0)

PLATFORMS
  ruby

DEPENDENCIES
  ruby_motion_query
