GEM
  remote: https://rubygems.org/
  specs:
    ruby_motion_query (0.6.0)

PLATFORMS
  ruby

DEPENDENCIES
  ruby_motion_query (~> 0.6.0)
